GEM
  remote: https://rubygems.org/
  specs:
    Ascii85 (1.0.2)
    actionmailer (4.2.5)
      actionpack (= 4.2.5)
      actionview (= 4.2.5)
      activejob (= 4.2.5)
      mail (~> 2.5, >= 2.5.4)
      rails-dom-testing (~> 1.0, >= 1.0.5)
    actionpack (4.2.5)
      actionview (= 4.2.5)
      activesupport (= 4.2.5)
      rack (~> 1.6)
      rack-test (~> 0.6.2)
      rails-dom-testing (~> 1.0, >= 1.0.5)
      rails-html-sanitizer (~> 1.0, >= 1.0.2)
    actionview (4.2.5)
      activesupport (= 4.2.5)
      builder (~> 3.1)
      erubis (~> 2.7.0)
      rails-dom-testing (~> 1.0, >= 1.0.5)
      rails-html-sanitizer (~> 1.0, >= 1.0.2)
    activejob (4.2.5)
      activesupport (= 4.2.5)
      globalid (>= 0.3.0)
    activemodel (4.2.5)
      activesupport (= 4.2.5)
      builder (~> 3.1)
    activerecord (4.2.5)
      activemodel (= 4.2.5)
      activesupport (= 4.2.5)
      arel (~> 6.0)
    activesupport (4.2.5)
      i18n (~> 0.7)
      json (~> 1.7, >= 1.7.7)
      minitest (~> 5.1)
      thread_safe (~> 0.3, >= 0.3.4)
      tzinfo (~> 1.1)
    addressable (2.5.1)
      public_suffix (~> 2.0, >= 2.0.2)
    afm (0.2.2)
    arel (6.0.4)
    authority (3.3.0)
      activesupport (>= 3.0.0)
    autoprefixer-rails (6.7.7.2)
      execjs
    aws-sdk (2.9.15)
      aws-sdk-resources (= 2.9.15)
    aws-sdk-core (2.9.15)
      aws-sigv4 (~> 1.0)
      jmespath (~> 1.0)
    aws-sdk-resources (2.9.15)
      aws-sdk-core (= 2.9.15)
    aws-sigv4 (1.0.0)
    bcrypt (3.1.11)
    binding_of_caller (0.7.2)
      debug_inspector (>= 0.0.1)
    bootstrap-sass (3.3.7)
      autoprefixer-rails (>= 5.2.1)
      sass (>= 3.3.4)
    bootstrap3-datetimepicker-rails (4.14.30)
      momentjs-rails (>= 2.8.1)
    builder (3.2.3)
    byebug (9.0.6)
    carrierwave (1.1.0)
      activemodel (>= 4.0.0)
      activesupport (>= 4.0.0)
      mime-types (>= 1.16)
    carrierwave-aws (1.1.0)
      aws-sdk (~> 2.0)
      carrierwave (>= 0.7, < 2.0)
    codemirror-rails (5.16.0)
      railties (>= 3.0, < 6.0)
    coffee-rails (4.1.1)
      coffee-script (>= 2.2.0)
      railties (>= 4.0.0, < 5.1.x)
    coffee-script (2.4.1)
      coffee-script-source
      execjs
    coffee-script-source (1.12.2)
    concurrent-ruby (1.0.4)
    dbf (3.1.0)
    debug_inspector (0.0.2)
    devise (4.2.1)
      bcrypt (~> 3.0)
      orm_adapter (~> 0.1)
      railties (>= 4.1.0, < 5.1)
      responders
      warden (~> 1.2.3)
    erubis (2.7.0)
    execjs (2.7.0)
    globalid (0.3.7)
      activesupport (>= 4.1.0)
    hashery (2.1.2)
    i18n (0.8.0)
    iconv (1.0.4)
    jbuilder (2.6.1)
      activesupport (>= 3.0.0, < 5.1)
      multi_json (~> 1.2)
    jmespath (1.3.1)
    jquery-rails (4.2.2)
      rails-dom-testing (>= 1, < 3)
      railties (>= 4.2.0)
      thor (>= 0.14, < 2.0)
    json (1.8.6)
    kaminari (1.0.1)
      activesupport (>= 4.1.0)
      kaminari-actionview (= 1.0.1)
      kaminari-activerecord (= 1.0.1)
      kaminari-core (= 1.0.1)
    kaminari-actionview (1.0.1)
      actionview
      kaminari-core (= 1.0.1)
    kaminari-activerecord (1.0.1)
      activerecord
      kaminari-core (= 1.0.1)
    kaminari-core (1.0.1)
    launchy (2.4.3)
      addressable (~> 2.3)
    letter_opener (1.4.1)
      launchy (~> 2.2)
    libv8 (3.16.14.19)
    loofah (2.0.3)
      nokogiri (>= 1.5.9)
    mail (2.6.4)
      mime-types (>= 1.16, < 4)
    mime-types (3.1)
      mime-types-data (~> 3.2015)
    mime-types-data (3.2016.0521)
    mini_portile2 (2.1.0)
    minitest (5.10.1)
    momentjs-rails (2.17.1)
      railties (>= 3.1)
    multi_json (1.12.1)
    nokogiri (1.7.0.1)
      mini_portile2 (~> 2.1.0)
    orm_adapter (0.5.0)
    pdf-reader (2.0.0)
      Ascii85 (~> 1.0.0)
      afm (~> 0.2.1)
      hashery (~> 2.0)
      ruby-rc4
      ttfunk
    polyamorous (1.3.1)
      activerecord (>= 3.0)
    public_suffix (2.0.5)
    rack (1.6.5)
    rack-test (0.6.3)
      rack (>= 1.0)
    rails (4.2.5)
      actionmailer (= 4.2.5)
      actionpack (= 4.2.5)
      actionview (= 4.2.5)
      activejob (= 4.2.5)
      activemodel (= 4.2.5)
      activerecord (= 4.2.5)
      activesupport (= 4.2.5)
      bundler (>= 1.3.0, < 2.0)
      railties (= 4.2.5)
      sprockets-rails
    rails-deprecated_sanitizer (1.0.3)
      activesupport (>= 4.2.0.alpha)
    rails-dom-testing (1.0.8)
      activesupport (>= 4.2.0.beta, < 5.0)
      nokogiri (~> 1.6)
      rails-deprecated_sanitizer (>= 1.0.1)
    rails-html-sanitizer (1.0.3)
      loofah (~> 2.0)
    rails_db (1.5.0)
      codemirror-rails
      jquery-rails
      kaminari
      rails (>= 3.1.0)
      ransack
      sass
      simple_form
      terminal-table
    railties (4.2.5)
      actionpack (= 4.2.5)
      activesupport (= 4.2.5)
      rake (>= 0.8.7)
      thor (>= 0.18.1, < 2.0)
    rake (12.0.0)
    ransack (1.8.2)
      actionpack (>= 3.0)
      activerecord (>= 3.0)
      activesupport (>= 3.0)
      i18n
      polyamorous (~> 1.3)
    rdoc (4.3.0)
    ref (2.0.0)
    responders (2.3.0)
      railties (>= 4.2.0, < 5.1)
    rolify (5.1.0)
    ruby-ole (1.2.12.1)
    ruby-rc4 (0.1.5)
    sass (3.4.23)
    sass-rails (5.0.6)
      railties (>= 4.0.0, < 6)
      sass (~> 3.1)
      sprockets (>= 2.8, < 4.0)
      sprockets-rails (>= 2.0, < 4.0)
      tilt (>= 1.1, < 3)
    sdoc (0.4.2)
      json (~> 1.7, >= 1.7.7)
      rdoc (~> 4.0)
    simple_form (3.5.0)
      actionpack (> 4, < 5.2)
      activemodel (> 4, < 5.2)
    spreadsheet (1.1.4)
      ruby-ole (>= 1.0)
    spring (2.0.1)
      activesupport (>= 4.2)
    sprockets (3.7.1)
      concurrent-ruby (~> 1.0)
      rack (> 1, < 3)
    sprockets-rails (3.2.0)
      actionpack (>= 4.0)
      activesupport (>= 4.0)
      sprockets (>= 3.0.0)
    sqlite3 (1.3.13)
    terminal-table (1.8.0)
      unicode-display_width (~> 1.1, >= 1.1.1)
    therubyracer (0.12.3)
      libv8 (~> 3.16.14.15)
      ref
    thor (0.19.4)
    thread_safe (0.3.5)
    tilt (2.0.6)
    ttfunk (1.5.1)
    turbolinks (5.0.1)
      turbolinks-source (~> 5)
    turbolinks-source (5.0.0)
    tzinfo (1.2.2)
      thread_safe (~> 0.1)
    uglifier (3.0.4)
      execjs (>= 0.3.0, < 3)
    unicode-display_width (1.2.1)
    warden (1.2.7)
      rack (>= 1.0)
    web-console (2.3.0)
      activemodel (>= 4.0)
      binding_of_caller (>= 0.7.2)
      railties (>= 4.0)
      sprockets-rails (>= 2.0, < 4.0)
    will_paginate (3.1.5)

PLATFORMS
  ruby

DEPENDENCIES
  addressable
  authority
  bootstrap-sass
  bootstrap3-datetimepicker-rails (~> 4.14.30)
  byebug
  carrierwave-aws
  coffee-rails (~> 4.1.0)
  dbf
  devise
  iconv
  jbuilder (~> 2.0)
  jquery-rails
  letter_opener
  momentjs-rails (>= 2.9.0)
  nokogiri
  pdf-reader
  rails (= 4.2.5)
  rails_db
  rolify
  sass-rails (~> 5.0)
  sdoc (~> 0.4.0)
  spreadsheet
  spring
  sqlite3
  therubyracer
  turbolinks
  uglifier (>= 1.3.0)
  web-console (~> 2.0)
  will_paginate (~> 3.1.0)

BUNDLED WITH
   1.14.4
